GEM
  remote: https://rubygems.org/
  specs:
    backports (3.15.0)
    bcrypt (3.1.13)
    byebug (11.1.1)
    coderay (1.1.2)
    erubis (2.7.0)
    method_source (0.9.2)
    minitest (5.13.0)
    multi_json (1.14.1)
    nio4r (2.5.2)
    pg (1.2.2)
    pry (0.12.2)
      coderay (~> 1.1.0)
      method_source (~> 0.9.0)
    pry-byebug (3.8.0)
      byebug (~> 11.0)
      pry (~> 0.10)
    puma (4.3.1)
      nio4r (~> 2.0)
    rack (1.6.12)
    rack-protection (1.5.5)
      rack
    rack-test (1.1.0)
      rack (>= 1.0, < 3)
    redcarpet (3.5.1)
    sinatra (1.4.8)
      rack (~> 1.5)
      rack-protection (~> 1.4)
      tilt (>= 1.3, < 3)
    sinatra-contrib (1.4.7)
      backports (>= 2.0)
      multi_json
      rack-protection
      rack-test
      sinatra (~> 1.4.0)
      tilt (>= 1.3, < 3)
    tilt (2.0.10)

PLATFORMS
  ruby

DEPENDENCIES
  bcrypt
  erubis
  minitest
  pg
  pry
  pry-byebug
  puma
  rack-test
  redcarpet
  sinatra (~> 1.4.7)
  sinatra-contrib

RUBY VERSION
   ruby 2.4.4p296

BUNDLED WITH
   2.0.2
